PATH
  remote: .
  specs:
    medusa (0.0.18)
      dnssd
      escort
      net-ssh

GEM
  remote: https://rubygems.org/
  specs:
    diff-lcs (1.2.5)
    dnssd (2.0)
    escort (0.4.0)
      nesty
    nesty (1.0.2)
    net-ssh (2.9.1)
    rake (10.1.0)
    rspec (2.14.1)
      rspec-core (~> 2.14.0)
      rspec-expectations (~> 2.14.0)
      rspec-mocks (~> 2.14.0)
    rspec-core (2.14.8)
    rspec-expectations (2.14.5)
      diff-lcs (>= 1.1.3, < 2.0)
    rspec-mocks (2.14.6)

PLATFORMS
  ruby

DEPENDENCIES
  medusa!
  rake
  rspec (~> 2.14)
