PATH
  remote: .
  specs:
    medusa (0.0.18)
      escort
      net-ssh

GEM
  remote: https://rubygems.org/
  specs:
    escort (0.4.0)
      nesty
    nesty (1.0.2)
    net-ssh (2.7.0)
    rake (10.3.2)

PLATFORMS
  ruby

DEPENDENCIES
  medusa!
  rake
